GEM
  remote: https://rubygems.org/
  specs:
    climate_control (0.2.0)
    coderay (1.1.2)
    colorize (0.8.1)
    method_source (0.9.0)
    posix-spawn (0.3.13)
    pry (0.11.3)
      coderay (~> 1.1.0)
      method_source (~> 0.9.0)
    terrapin (0.6.0)
      climate_control (>= 0.0.3, < 1.0)
    thor (0.20.0)

PLATFORMS
  ruby

DEPENDENCIES
  colorize (~> 0.8.1)
  posix-spawn (~> 0.3.13)
  pry (~> 0.11.3)
  terrapin
  thor (~> 0.20.0)

BUNDLED WITH
   1.17.3
