GEM
  remote: https://rubygems.org/
  specs:
    ast (2.4.2)
    climate_control (0.2.0)
    coderay (1.1.3)
    colorize (0.8.1)
    json (2.6.2)
    method_source (1.0.0)
    parallel (1.22.1)
    parser (3.1.2.1)
      ast (~> 2.4.1)
    posix-spawn (0.3.15)
    pry (0.14.1)
      coderay (~> 1.1)
      method_source (~> 1.0)
    rainbow (3.1.1)
    regexp_parser (2.6.0)
    rexml (3.2.5)
    rubocop (1.37.1)
      json (~> 2.3)
      parallel (~> 1.10)
      parser (>= 3.1.2.1)
      rainbow (>= 2.2.2, < 4.0)
      regexp_parser (>= 1.8, < 3.0)
      rexml (>= 3.2.5, < 4.0)
      rubocop-ast (>= 1.23.0, < 2.0)
      ruby-progressbar (~> 1.7)
      unicode-display_width (>= 1.4.0, < 3.0)
    rubocop-ast (1.23.0)
      parser (>= 3.1.1.0)
    ruby-progressbar (1.11.0)
    terrapin (0.6.0)
      climate_control (>= 0.0.3, < 1.0)
    thor (1.2.1)
    unicode-display_width (2.3.0)

PLATFORMS
  ruby

DEPENDENCIES
  colorize (~> 0.8.1)
  posix-spawn (~> 0.3.13)
  pry (~> 0.14.1)
  rubocop
  terrapin
  thor (~> 1.2.1)

BUNDLED WITH
   2.3.24
